GEM
  remote: http://rubygems.org/
  specs:
    activesupport (3.2.8)
      i18n (~> 0.6)
      multi_json (~> 1.0)
    builder (3.1.4)
    coderay (1.0.8)
    cucumber (1.2.1)
      builder (>= 2.1.2)
      diff-lcs (>= 1.1.3)
      gherkin (~> 2.11.0)
      json (>= 1.4.6)
    diff-lcs (1.1.3)
    dnssd (2.0)
    frank-cucumber (1.0.0)
      cucumber
      dnssd
      i18n
      json
      plist
      rspec (>= 2.0)
      sim_launcher (>= 0.4.6)
      thor
      xcodeproj
    gherkin (2.11.5)
      json (>= 1.4.6)
    i18n (0.6.1)
    json (1.7.5)
    method_source (0.8.1)
    multi_json (1.3.6)
    mustermann (1.1.1)
      ruby2_keywords (~> 0.0.1)
    plist (3.1.0)
    pry (0.9.10)
      coderay (~> 1.0.5)
      method_source (~> 0.8)
      slop (~> 3.3.1)
    rack (2.2.3)
    rack-protection (2.2.0)
      rack
    rspec (2.11.0)
      rspec-core (~> 2.11.0)
      rspec-expectations (~> 2.11.0)
      rspec-mocks (~> 2.11.0)
    rspec-core (2.11.1)
    rspec-expectations (2.11.3)
      diff-lcs (~> 1.1.3)
    rspec-mocks (2.11.3)
    ruby2_keywords (0.0.5)
    sim_launcher (0.4.6)
      sinatra
    sinatra (2.2.0)
      mustermann (~> 1.0)
      rack (~> 2.2)
      rack-protection (= 2.2.0)
      tilt (~> 2.0)
    slop (3.3.3)
    thor (0.16.0)
    tilt (2.0.10)
    xcodeproj (0.3.4)
      activesupport (~> 3.2.6)

PLATFORMS
  ruby

DEPENDENCIES
  frank-cucumber
  pry
